GEM
  remote: https://rubygems.org/
  specs:
    cctray (0.0.1)
      nokogiri (~> 1.6, >= 1.6.0)
    mini_portile (0.5.3)
    nokogiri (1.6.1)
      mini_portile (~> 0.5.0)
    serialport (1.3.0)

PLATFORMS
  ruby

DEPENDENCIES
  cctray
  serialport
